GEM
  remote: https://rubygems.org/
  specs:
    colored (1.2)
    gemrat (0.4.6)
      colored (= 1.2)
    rainbow (2.0.0)
    sass (3.4.19)
    scss-lint (0.38.0)
      rainbow (~> 2.0)
      sass (~> 3.4.1)
    scss_lint_reporter_checkstyle (0.1.0)

PLATFORMS
  ruby

DEPENDENCIES
  gemrat
  scss-lint (= 0.38.0)
  scss_lint_reporter_checkstyle (= 0.1.0)

BUNDLED WITH
   1.10.5
